PATH
  remote: .
  specs:
    udp_rest (0.1.0)
      colorize
      trollop

GEM
  remote: https://rubygems.org/
  specs:
    colorize (0.8.1)
    rake (10.5.0)
    trollop (2.1.2)

PLATFORMS
  ruby

DEPENDENCIES
  bundler (~> 1.12)
  rake (~> 10.0)
  udp_rest!

BUNDLED WITH
   1.12.5
